GEM
  remote: https://rubygems.org/
  specs:
    POpen4 (0.1.4)
      Platform (>= 0.4.0)
      open4
    Platform (0.4.0)
    blankslate (2.1.2.4)
    celluloid (0.16.0)
      timers (~> 4.0.0)
    classifier-reborn (2.0.2)
      fast-stemmer (~> 1.0)
    coffee-script (2.3.0)
      coffee-script-source
      execjs
    coffee-script-source (1.8.0)
    colorator (0.1)
    command-builder (0.3.1)
      hash-utils (>= 0.18.0)
      pipe-run (>= 0.2.1)
    cssminify (1.0.2)
    execjs (2.2.2)
    fast-stemmer (1.0.2)
    ffi (1.9.6)
    ffi (1.9.6-x64-mingw32)
    hash-utils (2.2.0)
      ruby-version (>= 0.4.0)
    hitimes (1.2.2)
    html_compressor (0.0.3)
      POpen4 (>= 0.1.4)
    jekyll (2.5.1)
      classifier-reborn (~> 2.0)
      colorator (~> 0.1)
      jekyll-coffeescript (~> 1.0)
      jekyll-gist (~> 1.0)
      jekyll-paginate (~> 1.0)
      jekyll-sass-converter (~> 1.0)
      jekyll-watch (~> 1.1)
      kramdown (~> 1.3)
      liquid (~> 2.6.1)
      mercenary (~> 0.3.3)
      pygments.rb (~> 0.6.0)
      redcarpet (~> 3.1)
      safe_yaml (~> 1.0)
      toml (~> 0.1.0)
    jekyll-coffeescript (1.0.1)
      coffee-script (~> 2.2)
    jekyll-gist (1.1.0)
    jekyll-paginate (1.1.0)
    jekyll-sass-converter (1.2.1)
      sass (~> 3.2)
    jekyll-sitemap (0.6.2)
    jekyll-watch (1.1.2)
      listen (~> 2.7)
    jpegtran (0.1.3)
      command-builder (>= 0.2.0)
      hash-utils (>= 0.18.0)
      unix-whereis (>= 0.1.0)
    json (1.8.2)
    kramdown (1.5.0)
    liquid (2.6.1)
    listen (2.7.11)
      celluloid (>= 0.15.2)
      rb-fsevent (>= 0.9.3)
      rb-inotify (>= 0.9)
    mercenary (0.3.4)
    mini_magick (4.0.3)
    mini_portile (0.6.2)
    nokogiri (1.6.5)
      mini_portile (~> 0.6.0)
    nokogiri (1.6.5-x64-mingw32)
      mini_portile (~> 0.6.0)
    octopress (3.0.0.rc.15)
      jekyll (~> 2.0)
      mercenary (~> 0.3.2)
      octopress-deploy
      octopress-docs
      titlecase
    octopress-deploy (1.0.0)
      colorator
      octopress-docs
    octopress-docs (0.0.9)
      jekyll (~> 2.0)
      octopress-escape-code (~> 1.0)
      octopress-hooks (~> 2.0)
    octopress-escape-code (1.0.2)
      octopress-hooks (~> 2.0)
    octopress-hooks (2.2.1)
      jekyll (~> 2.0)
    open4 (1.3.4)
    parslet (1.5.0)
      blankslate (~> 2.0)
    pipe-run (0.3.0)
    posix-spawn (0.3.9)
    pygments.rb (0.6.0)
      posix-spawn (~> 0.3.6)
      yajl-ruby (~> 1.1.0)
    rb-fsevent (0.9.4)
    rb-inotify (0.9.5)
      ffi (>= 0.5.0)
    redcarpet (3.2.0)
    ruby-version (0.4.3)
    safe_yaml (1.0.4)
    sass (3.4.7)
    timers (4.0.1)
      hitimes
    titlecase (0.1.1)
    toml (0.1.2)
      parslet (~> 1.5.0)
    uglifier (2.7.0)
      execjs (>= 0.3.0)
      json (>= 1.8.0)
    unix-whereis (0.1.1)
      command-builder (>= 0.2.0)
      hash-utils (>= 0.18.0)
    yajl-ruby (1.1.0)

PLATFORMS
  ruby
  x64-mingw32

DEPENDENCIES
  cssminify
  html_compressor
  jekyll
  jekyll-sitemap
  jpegtran
  mini_magick
  nokogiri
  octopress (~> 3.0.0.rc.12)
  uglifier
